PATH
  remote: .
  specs:
    ruby-stemmer (0.9.3)

GEM
  remote: https://rubygems.org/
  specs:
    minitest (5.5.1)
    rake (10.4.2)
    rake-compiler (0.9.5)
      rake
    rdoc (4.2.0)

PLATFORMS
  ruby
  x86-mingw32

DEPENDENCIES
  minitest (~> 5.5.1)
  rake-compiler (~> 0.9.2)
  rdoc (~> 4.2.0)
  ruby-stemmer!
