PATH
  remote: .
  specs:
    ruby-stemmer (0.9.3)

GEM
  remote: https://rubygems.org/
  specs:
    rake (10.4.2)
    rake-compiler (0.9.5)
      rake

PLATFORMS
  ruby
  x86-mingw32

DEPENDENCIES
  rake-compiler (~> 0.9.2)
  ruby-stemmer!
